GEM
  remote: https://rubygems.org/
  specs:
    amq-protocol (2.3.0)
    bunny (2.14.2)
      amq-protocol (~> 2.3, >= 2.3.0)

PLATFORMS
  ruby

DEPENDENCIES
  bunny (>= 2.14.2, < 3.0)

RUBY VERSION
   ruby 2.5.1p57

BUNDLED WITH
   1.17.2
